PATH
  remote: .
  specs:
    edlcli (1.0.0)
      commander

GEM
  remote: https://rubygems.org/
  specs:
    byebug (9.0.6)
    commander (4.4.3)
      highline (~> 1.7.2)
    diff-lcs (1.3)
    highline (1.7.8)
    rspec (3.6.0)
      rspec-core (~> 3.6.0)
      rspec-expectations (~> 3.6.0)
      rspec-mocks (~> 3.6.0)
    rspec-core (3.6.0)
      rspec-support (~> 3.6.0)
    rspec-expectations (3.6.0)
      diff-lcs (>= 1.2.0, < 2.0)
      rspec-support (~> 3.6.0)
    rspec-mocks (3.6.0)
      diff-lcs (>= 1.2.0, < 2.0)
      rspec-support (~> 3.6.0)
    rspec-support (3.6.0)

PLATFORMS
  ruby

DEPENDENCIES
  byebug
  edlcli!
  rspec

BUNDLED WITH
   1.15.1
